GIT
  remote: https://github.com/emonti/ffi-packets
  revision: e449223550bb6a30885b245bfccb86ba9b1050da
  specs:
    ffi-packets (0.1.0)
      ffi
      ffi_dry

GEM
  remote: https://rubygems.org/
  specs:
    coderay (1.1.0)
    ffi (1.9.14)
    ffi-pcap (0.2.1)
      ffi (~> 1.0)
      ffi_dry (~> 0.1.12)
    ffi_dry (0.1.12)
      ffi (>= 0.5.0)
    method_source (0.8.2)
    net-mdns (0.4)
    pry (0.10.4)
      coderay (~> 1.1.0)
      method_source (~> 0.8.1)
      slop (~> 3.4)
    slop (3.6.0)

PLATFORMS
  ruby

DEPENDENCIES
  ffi-packets!
  ffi-pcap
  net-mdns
  pry

BUNDLED WITH
   1.12.5
